GEM
  remote: https://rubygems.org/
  specs:
    gist (5.1.0)

PLATFORMS
  ruby

DEPENDENCIES
  gist

BUNDLED WITH
   1.15.4
